GEM
  remote: https://rubygems.org/
  specs:
    activemodel (5.2.2)
      activesupport (= 5.2.2)
    activerecord (5.2.2)
      activemodel (= 5.2.2)
      activesupport (= 5.2.2)
      arel (>= 9.0)
    activesupport (5.2.2)
      concurrent-ruby (~> 1.0, >= 1.0.2)
      i18n (>= 0.7, < 2)
      minitest (~> 5.1)
      tzinfo (~> 1.1)
    arel (9.0.0)
    concurrent-ruby (1.1.3)
    i18n (1.2.0)
      concurrent-ruby (~> 1.0)
    ibm_db (4.0.0)
      activerecord (>= 5.0.7)
    minitest (5.11.3)
    net-ldap (0.16.1)
    thread_safe (0.3.6)
    tzinfo (1.2.5)
      thread_safe (~> 0.1)

PLATFORMS
  ruby

DEPENDENCIES
  ibm_db (~> 4.0.0)
  net-ldap (~> 0.16.1)

RUBY VERSION
   ruby 2.5.3p105

BUNDLED WITH
   1.16.6
